GEM
  remote: https://rubygems.org/
  specs:
    byebug (11.1.3)
    concurrent-ruby (1.1.10)
    faker (1.9.6)
      i18n (>= 0.7)
    i18n (1.10.0)
      concurrent-ruby (~> 1.0)
    minitest (5.15.0)
    ruby2d (0.11.3)

PLATFORMS
  universal-darwin-18
  universal-darwin-20

DEPENDENCIES
  byebug
  faker (~> 1.9)
  minitest
  ruby2d

BUNDLED WITH
   2.3.11
